PATH
  remote: .
  specs:
    mixin_bot (1.3.0)
      activesupport (>= 7)
      awesome_print (~> 1.8)
      base58 (~> 0.2)
      bcrypt (~> 3.1)
      blake3-rb (~> 1.5)
      cli-ui (~> 2.2)
      eth (~> 0.5)
      faraday (~> 2)
      faraday-multipart (~> 1)
      faraday-retry (~> 2)
      faye-websocket (~> 0.11)
      jose (~> 1.1)
      msgpack (~> 1.3)
      rbnacl (~> 7.1)
      sha3 (~> 1.0)
      thor (~> 1.0)

GEM
  remote: https://rubygems.org/
  specs:
    activesupport (7.2.0)
      base64
      bigdecimal
      concurrent-ruby (~> 1.0, >= 1.3.1)
      connection_pool (>= 2.2.5)
      drb
      i18n (>= 1.6, < 2)
      logger (>= 1.4.2)
      minitest (>= 5.1)
      securerandom (>= 0.3)
      tzinfo (~> 2.0, >= 2.0.5)
    ansi (1.5.0)
    ast (2.4.2)
    awesome_print (1.9.2)
    base58 (0.2.3)
    base64 (0.2.0)
    bcrypt (3.1.20)
    bigdecimal (3.1.8)
    blake3-rb (1.5.4.3-x86_64-linux)
    builder (3.3.0)
    cli-ui (2.2.3)
    coderay (1.1.3)
    concurrent-ruby (1.3.4)
    connection_pool (2.4.1)
    docile (1.4.1)
    drb (2.2.1)
    eth (0.5.12)
      forwardable (~> 1.3)
      keccak (~> 1.3)
      konstructor (~> 1.0)
      openssl (>= 2.2, < 4.0)
      rbsecp256k1 (~> 6.0)
      scrypt (~> 3.0)
    eventmachine (1.2.7)
    faraday (2.10.1)
      faraday-net_http (>= 2.0, < 3.2)
      logger
    faraday-multipart (1.0.4)
      multipart-post (~> 2)
    faraday-net_http (3.1.1)
      net-http
    faraday-retry (2.2.1)
      faraday (~> 2.0)
    fastimage (2.3.1)
    faye-websocket (0.11.3)
      eventmachine (>= 0.12.0)
      websocket-driver (>= 0.5.1)
    ffi (1.17.0-x86_64-linux-gnu)
    ffi-compiler (1.3.2)
      ffi (>= 1.15.5)
      rake
    forwardable (1.3.3)
    i18n (1.14.5)
      concurrent-ruby (~> 1.0)
    immutable-ruby (0.2.0)
      concurrent-ruby (~> 1.1)
      sorted_set (~> 1.0)
    jose (1.2.0)
      base64
      immutable-ruby
    json (2.7.2)
    keccak (1.3.1)
    konstructor (1.0.2)
    language_server-protocol (3.17.0.3)
    logger (1.6.0)
    method_source (1.1.0)
    mini_portile2 (2.8.7)
    minitest (5.25.1)
    minitest-reporters (1.7.1)
      ansi
      builder
      minitest (>= 5.0)
      ruby-progressbar
    msgpack (1.7.2)
    multipart-post (2.4.1)
    net-http (0.4.1)
      uri
    openssl (3.2.0)
    parallel (1.26.3)
    parser (3.3.4.2)
      ast (~> 2.4.1)
      racc
    pkg-config (1.5.6)
    pry (0.14.2)
      coderay (~> 1.1)
      method_source (~> 1.0)
    racc (1.8.1)
    rainbow (3.1.1)
    rake (13.2.1)
    rbnacl (7.1.1)
      ffi
    rbsecp256k1 (6.0.0)
      mini_portile2 (~> 2.8)
      pkg-config (~> 1.5)
      rubyzip (~> 2.3)
    rbtree (0.4.6)
    regexp_parser (2.9.2)
    rexml (3.3.5)
      strscan
    rubocop (1.65.1)
      json (~> 2.3)
      language_server-protocol (>= 3.17.0)
      parallel (~> 1.10)
      parser (>= 3.3.0.2)
      rainbow (>= 2.2.2, < 4.0)
      regexp_parser (>= 2.4, < 3.0)
      rexml (>= 3.2.5, < 4.0)
      rubocop-ast (>= 1.31.1, < 2.0)
      ruby-progressbar (~> 1.7)
      unicode-display_width (>= 2.4.0, < 3.0)
    rubocop-ast (1.32.1)
      parser (>= 3.3.1.0)
    rubocop-rake (0.6.0)
      rubocop (~> 1.0)
    ruby-progressbar (1.13.0)
    rubyzip (2.3.2)
    scrypt (3.0.8)
      ffi-compiler (>= 1.0, < 2.0)
      rake (>= 9, < 14)
    securerandom (0.3.1)
    set (1.1.0)
    sha3 (1.0.5)
    simplecov (0.22.0)
      docile (~> 1.1)
      simplecov-html (~> 0.11)
      simplecov_json_formatter (~> 0.1)
    simplecov-html (0.12.3)
    simplecov_json_formatter (0.1.4)
    sorted_set (1.0.3)
      rbtree
      set (~> 1.0)
    strscan (3.1.0)
    thor (1.3.1)
    tzinfo (2.0.6)
      concurrent-ruby (~> 1.0)
    unicode-display_width (2.5.0)
    uri (0.13.0)
    websocket-driver (0.7.6)
      websocket-extensions (>= 0.1.0)
    websocket-extensions (0.1.5)

PLATFORMS
  x86_64-linux

DEPENDENCIES
  fastimage
  minitest-reporters
  mixin_bot!
  pry
  rake
  rubocop
  rubocop-rake
  simplecov

BUNDLED WITH
   2.4.21
